PATH
  remote: .
  specs:
    new_talk (0.0.1)
      padrino-core

GEM
  remote: https://rubygems.org/
  specs:
    activemodel (5.0.0.1)
      activesupport (= 5.0.0.1)
    activesupport (5.0.0.1)
      concurrent-ruby (~> 1.0, >= 1.0.2)
      i18n (~> 0.7)
      minitest (~> 5.1)
      tzinfo (~> 1.1)
    bcrypt (3.1.11)
    bson (4.1.1)
    concurrent-ruby (1.0.2)
    enumerable-lazy (0.0.2)
    haml (4.0.7)
      tilt
    i18n (0.7.0)
    mail (2.6.4)
      mime-types (>= 1.16, < 4)
    mime-types (2.99.3)
    minitest (5.9.1)
    moneta (0.8.0)
    mongo (2.3.1)
      bson (~> 4.1)
    mongoid (6.0.2)
      activemodel (~> 5.0)
      mongo (~> 2.3)
    mustermann19 (0.4.4)
      enumerable-lazy
    padrino (0.13.3)
      padrino-admin (= 0.13.3)
      padrino-cache (= 0.13.3)
      padrino-core (= 0.13.3)
      padrino-gen (= 0.13.3)
      padrino-helpers (= 0.13.3)
      padrino-mailer (= 0.13.3)
      padrino-support (= 0.13.3)
    padrino-admin (0.13.3)
      padrino-core (= 0.13.3)
      padrino-helpers (= 0.13.3)
    padrino-cache (0.13.3)
      moneta (~> 0.8.0)
      padrino-core (= 0.13.3)
      padrino-helpers (= 0.13.3)
    padrino-core (0.13.3)
      activesupport (>= 3.1)
      mustermann19
      padrino-support (= 0.13.3)
      rack-protection (>= 1.5.0)
      sinatra (~> 1.4.6)
      thor (~> 0.18)
    padrino-gen (0.13.3)
      bundler (~> 1.0)
      padrino-core (= 0.13.3)
    padrino-helpers (0.13.3)
      i18n (~> 0.6, >= 0.6.7)
      padrino-support (= 0.13.3)
      tilt (>= 1.4.1, < 3)
    padrino-mailer (0.13.3)
      mail (~> 2.5)
      mime-types (< 3)
      padrino-core (= 0.13.3)
    padrino-support (0.13.3)
      activesupport (>= 3.1)
    rack (1.6.5)
    rack-protection (1.5.3)
      rack
    rack-test (0.6.3)
      rack (>= 1.0)
    rake (11.3.0)
    redis (3.3.1)
    redis-rack (1.5.0)
      rack (~> 1.5)
      redis-store (~> 1.1.0)
    redis-store (1.1.7)
      redis (>= 2.2)
    sinatra (1.4.7)
      rack (~> 1.5)
      rack-protection (~> 1.4)
      tilt (>= 1.3, < 3)
    thor (0.19.1)
    thread_safe (0.3.5)
    tilt (2.0.5)
    tzinfo (1.2.2)
      thread_safe (~> 0.1)

PLATFORMS
  ruby

DEPENDENCIES
  bcrypt
  haml
  minitest
  mongoid (>= 6.0.0)
  new_talk!
  padrino (= 0.13.3)
  rack-test
  rake
  redis
  redis-rack
  redis-store

BUNDLED WITH
   1.13.6
