PATH
  remote: .
  specs:
    new_talk (0.0)
      padrino-core

GEM
  remote: https://ruby.taobao.org/
  specs:
    activemodel (5.0.0.1)
      activesupport (= 5.0.0.1)
    activesupport (5.0.0.1)
      concurrent-ruby (~> 1.0, >= 1.0.2)
      i18n (~> 0.7)
      minitest (~> 5.1)
      tzinfo (~> 1.1)
    backports (3.6.8)
    bcrypt (3.1.11)
    bson (4.1.1)
    concurrent-ruby (1.0.2)
    daemons (1.2.4)
    enumerable-lazy (0.0.2)
    eventmachine (1.2.1)
    haml (4.0.7)
      tilt
    i18n (0.7.0)
    kgio (2.10.0)
    mail (2.6.4)
      mime-types (>= 1.16, < 4)
    mime-types (2.99.3)
    mina (1.0.3)
      open4 (~> 1.3.4)
      rake
    minitest (5.9.1)
    moneta (0.7.20)
    mongo (2.3.1)
      bson (~> 4.1)
    mongoid (6.0.2)
      activemodel (~> 5.0)
      mongo (~> 2.3)
    multi_json (1.12.1)
    mustermann19 (0.4.4)
      enumerable-lazy
    open4 (1.3.4)
    padrino (0.13.2)
      padrino-admin (= 0.13.2)
      padrino-cache (= 0.13.2)
      padrino-core (= 0.13.2)
      padrino-gen (= 0.13.2)
      padrino-helpers (= 0.13.2)
      padrino-mailer (= 0.13.2)
      padrino-support (= 0.13.2)
    padrino-admin (0.13.2)
      padrino-core (= 0.13.2)
      padrino-helpers (= 0.13.2)
    padrino-cache (0.13.2)
      moneta (~> 0.7.0)
      padrino-core (= 0.13.2)
      padrino-helpers (= 0.13.2)
    padrino-core (0.13.2)
      activesupport (>= 3.1)
      mustermann19
      padrino-support (= 0.13.2)
      rack-protection (>= 1.5.0)
      sinatra (~> 1.4.6)
      thor (~> 0.18)
    padrino-gen (0.13.2)
      bundler (~> 1.0)
      padrino-core (= 0.13.2)
    padrino-helpers (0.13.2)
      i18n (~> 0.6, >= 0.6.7)
      padrino-support (= 0.13.2)
      tilt (>= 1.4.1, < 3)
    padrino-mailer (0.13.2)
      mail (~> 2.5)
      mime-types (< 3)
      padrino-core (= 0.13.2)
    padrino-support (0.13.2)
      activesupport (>= 3.1)
    puma (3.6.2)
    rack (1.6.5)
    rack-protection (1.5.3)
      rack
    rack-test (0.6.3)
      rack (>= 1.0)
    raindrops (0.17.0)
    rake (11.3.0)
    redis (3.3.2)
    redis-rack (1.6.0)
      rack (~> 1.5)
      redis-store (~> 1.2.0)
    redis-store (1.2.0)
      redis (>= 2.2)
    sinatra (1.4.7)
      rack (~> 1.5)
      rack-protection (~> 1.4)
      tilt (>= 1.3, < 3)
    sinatra-contrib (1.4.7)
      backports (>= 2.0)
      multi_json
      rack-protection
      rack-test
      sinatra (~> 1.4.0)
      tilt (>= 1.3, < 3)
    thin (1.7.0)
      daemons (~> 1.0, >= 1.0.9)
      eventmachine (~> 1.0, >= 1.0.4)
      rack (>= 1, < 3)
    thor (0.19.4)
    thread_safe (0.3.5)
    tilt (2.0.5)
    tzinfo (1.2.2)
      thread_safe (~> 0.1)
    unicorn (5.2.0)
      kgio (~> 2.6)
      raindrops (~> 0.7)
    will_paginate (3.1.5)
    will_paginate-bootstrap (1.0.1)
      will_paginate (>= 3.0.3)

PLATFORMS
  ruby

DEPENDENCIES
  bcrypt
  haml
  mina
  minitest
  mongoid (>= 6.0.0)
  new_talk!
  padrino (= 0.13.2)
  puma
  rack-test
  rake
  redis
  redis-rack
  redis-store
  sinatra-contrib
  thin
  unicorn
  will_paginate
  will_paginate-bootstrap

BUNDLED WITH
   1.13.6
